PATH
  remote: .
  specs:
    gep_kml (0.2.1)
      commander (~> 4.6.0)
      nokogiri (~> 1.15.2)

GEM
  remote: https://rubygems.org/
  specs:
    ansi (1.5.0)
    builder (3.2.4)
    coderay (1.1.3)
    commander (4.6.0)
      highline (~> 2.0.0)
    highline (2.0.3)
    method_source (1.0.0)
    minitest (5.18.1)
    minitest-reporters (1.6.0)
      ansi
      builder
      minitest (>= 5.0)
      ruby-progressbar
    nokogiri (1.15.2-arm64-darwin)
      racc (~> 1.4)
    pry (0.14.2)
      coderay (~> 1.1)
      method_source (~> 1.0)
    racc (1.7.1)
    rake (13.0.6)
    ruby-progressbar (1.13.0)

PLATFORMS
  arm64-darwin-22

DEPENDENCIES
  gep_kml!
  minitest (~> 5.0)
  minitest-reporters (~> 1.6)
  pry (~> 0.14.2)
  rake (~> 13.0)

BUNDLED WITH
   2.4.15
